GEM
  remote: http://rubygems.org/
  specs:
    addressable (2.2.4)
    daemons (1.1.0)
    dm-aggregates (1.0.2)
      dm-core (~> 1.0.2)
    dm-core (1.0.2)
      addressable (~> 2.2)
      extlib (~> 0.9.15)
    dm-validations (1.0.2)
      dm-core (~> 1.0.2)
    em-http-request (0.3.0)
      addressable (>= 2.0.0)
      escape_utils
      eventmachine (>= 0.12.9)
    escape_utils (0.2.2)
    eventmachine (0.12.10)
    extlib (0.9.15)
    faraday (0.5.3)
      addressable (~> 2.2.2)
      multipart-post (~> 1.0.1)
      rack (>= 1.1.0, < 2)
    faraday_middleware (0.3.1)
      faraday (~> 0.5.3)
    hashie (0.4.0)
    htmlentities (4.2.4)
    json (1.5.1)
    multi_json (0.0.5)
    multi_xml (0.2.1)
    multipart-post (1.0.1)
    rack (1.1.0)
    roauth (0.0.3)
    simple_oauth (0.1.3)
    tweetstream (1.0.4)
      daemons
      twitter-stream
    twitter (1.0.0)
      faraday (~> 0.5.3)
      faraday_middleware (~> 0.3.0)
      hashie (~> 0.4.0)
      multi_json (~> 0.0.5)
      multi_xml (~> 0.2.0)
      simple_oauth (~> 0.1.2)
    twitter-stream (0.1.10)
      eventmachine (>= 0.12.8)
      roauth (>= 0.0.2)

PLATFORMS
  ruby

DEPENDENCIES
  dm-aggregates
  dm-core
  dm-validations
  em-http-request
  eventmachine
  htmlentities
  json
  tweetstream
  twitter
