GEM
  remote: http://rubygems.org/
  specs:
    ParseTree (3.0.7)
      RubyInline (>= 3.7.0)
      sexp_processor (>= 3.0.0)
    RubyInline (3.9.0)
      ZenTest (~> 4.3)
    ZenTest (4.5.0)
    addressable (2.2.4)
    daemons (1.1.0)
    data_objects (0.10.3)
      addressable (~> 2.1)
    dm-aggregates (1.0.2)
      dm-core (~> 1.0.2)
    dm-chunked_query (0.1.2)
      dm-aggregates (~> 1.0)
      dm-core (~> 1.0)
    dm-core (1.0.2)
      addressable (~> 2.2)
      extlib (~> 0.9.15)
    dm-do-adapter (1.0.2)
      data_objects (~> 0.10.2)
      dm-core (~> 1.0.2)
    dm-migrations (1.0.2)
      dm-core (~> 1.0.2)
    dm-mysql-adapter (1.0.2)
      dm-do-adapter (~> 1.0.2)
      do_mysql (~> 0.10.2)
    dm-sqlite-adapter (1.0.2)
      dm-do-adapter (~> 1.0.2)
      do_sqlite3 (~> 0.10.2)
    dm-sweatshop (1.0.2)
      dm-core (~> 1.0.2)
      randexp (~> 0.1.5)
    dm-types (1.0.2)
      dm-core (~> 1.0.2)
      fastercsv (~> 1.5.3)
      json_pure (~> 1.4)
      stringex (~> 1.1.0)
      uuidtools (~> 2.1.1)
    dm-validations (1.0.2)
      dm-core (~> 1.0.2)
    do_mysql (0.10.3)
      data_objects (= 0.10.3)
    do_sqlite3 (0.10.3)
      data_objects (= 0.10.3)
    em-http-request (0.3.0)
      addressable (>= 2.0.0)
      escape_utils
      eventmachine (>= 0.12.9)
    escape_utils (0.2.2)
    eventmachine (0.12.10)
    extlib (0.9.15)
    faraday (0.5.3)
      addressable (~> 2.2.2)
      multipart-post (~> 1.0.1)
      rack (>= 1.1.0, < 2)
    faraday_middleware (0.3.1)
      faraday (~> 0.5.3)
    fastercsv (1.5.4)
    git (1.2.5)
    hashie (0.4.0)
    htmlentities (4.2.4)
    jeweler (1.5.2)
      bundler (~> 1.0.0)
      git (>= 1.2.5)
      rake
    json (1.5.1)
    json_pure (1.5.1)
    multi_json (0.0.5)
    multi_xml (0.2.1)
    multipart-post (1.0.1)
    rack (1.1.0)
    rake (0.8.7)
    randexp (0.1.5)
      ParseTree
    rdebug (0.1)
    roauth (0.0.3)
    rspec (1.3.1)
    sexp_processor (3.0.5)
    simple_oauth (0.1.3)
    stringex (1.1.0)
    tweetstream (1.0.4)
      daemons
      twitter-stream
    twitter (1.0.0)
      faraday (~> 0.5.3)
      faraday_middleware (~> 0.3.0)
      hashie (~> 0.4.0)
      multi_json (~> 0.0.5)
      multi_xml (~> 0.2.0)
      simple_oauth (~> 0.1.2)
    twitter-stream (0.1.10)
      eventmachine (>= 0.12.8)
      roauth (>= 0.0.2)
    uuidtools (2.1.2)
    yajl-ruby (0.8.1)

PLATFORMS
  ruby

DEPENDENCIES
  dm-aggregates
  dm-chunked_query
  dm-core
  dm-migrations
  dm-mysql-adapter
  dm-sqlite-adapter
  dm-sweatshop
  dm-types
  dm-validations
  em-http-request
  eventmachine
  fastercsv
  htmlentities
  jeweler
  json
  rdebug
  rspec
  tweetstream
  twitter
  yajl-ruby
